GEM
  remote: https://rubygems.org/
  specs:
    commander (4.1.3)
      highline (~> 1.6.11)
    gmail (0.4.0)
      gmail_xoauth (>= 0.3.0)
      mail (>= 2.2.1)
      mime (>= 0.1)
    gmail_xoauth (0.4.1)
      oauth (>= 0.3.6)
    highline (1.6.15)
    htmlentities (4.3.1)
    httparty (0.10.2)
      multi_json (~> 1.0)
      multi_xml (>= 0.5.2)
    i18n (0.6.1)
    mail (2.5.3)
      i18n (>= 0.4.0)
      mime-types (~> 1.16)
      treetop (~> 1.4.8)
    mime (0.1)
    mime-types (1.21)
    multi_json (1.5.0)
    multi_xml (0.5.3)
    oauth (0.4.7)
    oj (2.0.4)
    polyglot (0.3.3)
    rainbow (1.1.4)
    treetop (1.4.12)
      polyglot
      polyglot (>= 0.3.1)

PLATFORMS
  ruby

DEPENDENCIES
  commander
  gmail
  htmlentities
  httparty
  oj
  rainbow
